GEM
  remote: https://rubygems.org/
  specs:
    daemon_controller (1.2.0)
    hiredis (0.5.2)
    minitest (5.3.4)
    oj (2.9.5)
    passenger (4.0.44)
      daemon_controller (>= 1.2.0)
      rack
      rake (>= 0.8.1)
    rack (1.5.2)
    rack-protection (1.5.3)
      rack
    rack-test (0.6.2)
      rack (>= 1.0)
    rack-timeout (0.0.4)
    rake (10.3.2)
    redis (3.1.0)
    sinatra (1.4.5)
      rack (~> 1.4)
      rack-protection (~> 1.4)
      tilt (~> 1.3, >= 1.3.4)
    tilt (1.4.1)

PLATFORMS
  ruby

DEPENDENCIES
  hiredis
  minitest
  oj
  passenger
  rack-test
  rack-timeout
  redis
  sinatra
